GEM
  remote: https://rubygems.org/
  specs:
    arduino_firmata (0.3.6)
      args_parser (>= 0.1.4)
      event_emitter (>= 0.2.4)
      serialport (>= 1.1.0)
    args_parser (0.2.0)
    dotenv (0.9.0)
    event_emitter (0.2.5)
    foreman (0.63.0)
      dotenv (>= 0.7)
      thor (>= 0.13.6)
    nokogiri (1.5.10)
    rake (10.1.0)
    serialport (1.3.0)
    thor (0.18.1)
    weather_jp (1.0.4)
      nokogiri (~> 1.5.5)
      rake (>= 0.9.2)

PLATFORMS
  ruby

DEPENDENCIES
  arduino_firmata
  args_parser
  foreman
  weather_jp
